PATH
  remote: .
  specs:
    share_counts (0.0.9)
      json
      nokogiri
      redis
      rest-client

GEM
  remote: http://rubygems.org/
  specs:
    diff-lcs (1.2.5)
    json (1.8.1)
    mime-types (2.0)
    mini_portile (0.5.2)
    nokogiri (1.6.1)
      mini_portile (~> 0.5.0)
    redis (3.0.6)
    rest-client (1.6.7)
      mime-types (>= 1.16)
    rspec (2.13.0)
      rspec-core (~> 2.13.0)
      rspec-expectations (~> 2.13.0)
      rspec-mocks (~> 2.13.0)
    rspec-core (2.13.0)
    rspec-expectations (2.13.0)
      diff-lcs (>= 1.1.3, < 2.0)
    rspec-mocks (2.13.0)
    rspec-spies (2.1.4)
      rspec (~> 2.0)
    vcr (2.5.0)

PLATFORMS
  ruby

DEPENDENCIES
  rspec
  rspec-spies
  share_counts!
  vcr
