PATH
  remote: .
  specs:
    tableless_model (0.0.1)
      activerecord
      hashie
      validatable

GEM
  remote: http://rubygems.org/
  specs:
    activemodel (3.0.3)
      activesupport (= 3.0.3)
      builder (~> 2.1.2)
      i18n (~> 0.4)
    activerecord (3.0.3)
      activemodel (= 3.0.3)
      activesupport (= 3.0.3)
      arel (~> 2.0.2)
      tzinfo (~> 0.3.23)
    activesupport (3.0.3)
    arel (2.0.6)
    builder (2.1.2)
    diff-lcs (1.1.2)
    hashie (0.4.0)
    i18n (0.5.0)
    mocha (0.9.10)
      rake
    rake (0.8.7)
    rspec (2.3.0)
      rspec-core (~> 2.3.0)
      rspec-expectations (~> 2.3.0)
      rspec-mocks (~> 2.3.0)
    rspec-core (2.3.1)
    rspec-expectations (2.3.0)
      diff-lcs (~> 1.1.2)
    rspec-mocks (2.3.0)
    tzinfo (0.3.23)
    validatable (1.6.7)

PLATFORMS
  ruby

DEPENDENCIES
  activerecord
  hashie
  mocha
  rspec
  tableless_model!
  validatable
