PATH
  remote: .
  specs:
    tableless_model (0.0.3)
      validatable

GEM
  remote: http://rubygems.org/
  specs:
    ansi (1.2.2)
    minitest (2.0.2)
    validatable (1.6.7)

PLATFORMS
  ruby

DEPENDENCIES
  ansi
  minitest
  tableless_model!
  validatable
