PATH
  remote: .
  specs:
    share_counts (0.0.1)
      json
      nokogiri
      redis
      rest-client

GEM
  remote: http://rubygems.org/
  specs:
    ansi (1.2.2)
    json (1.5.1)
    mime-types (1.16)
    minitest (2.0.2)
    nokogiri (1.4.4)
    redis (2.1.1)
    rest-client (1.6.1)
      mime-types (>= 1.16)

PLATFORMS
  ruby

DEPENDENCIES
  ansi
  json
  minitest
  nokogiri
  redis
  rest-client
  share_counts!
